PATH
  remote: .
  specs:
    nxt_schema (1.0.2)
      activesupport
      dry-types
      nxt_init
      nxt_registry

GEM
  remote: https://rubygems.org/
  specs:
    activesupport (6.1.7.4)
      concurrent-ruby (~> 1.0, >= 1.0.2)
      i18n (>= 1.6, < 2)
      minitest (>= 5.1)
      tzinfo (~> 2.0)
      zeitwerk (~> 2.3)
    coderay (1.1.3)
    concurrent-ruby (1.2.2)
    diff-lcs (1.5.0)
    dry-configurable (0.12.1)
      concurrent-ruby (~> 1.0)
      dry-core (~> 0.5, >= 0.5.0)
    dry-container (0.7.2)
      concurrent-ruby (~> 1.0)
      dry-configurable (~> 0.1, >= 0.1.3)
    dry-core (0.5.0)
      concurrent-ruby (~> 1.0)
    dry-inflector (0.2.0)
    dry-logic (1.1.0)
      concurrent-ruby (~> 1.0)
      dry-core (~> 0.5, >= 0.5)
    dry-types (1.5.1)
      concurrent-ruby (~> 1.0)
      dry-container (~> 0.3)
      dry-core (~> 0.5, >= 0.5)
      dry-inflector (~> 0.1, >= 0.1.2)
      dry-logic (~> 1.0, >= 1.0.2)
    hirb (0.7.3)
    i18n (1.14.1)
      concurrent-ruby (~> 1.0)
    method_profiler (2.0.1)
      hirb (>= 0.6.0)
    method_source (1.0.0)
    minitest (5.18.1)
    nxt_init (0.1.5)
      activesupport
    nxt_registry (0.3.10)
      activesupport
    pry (0.14.1)
      coderay (~> 1.1)
      method_source (~> 1.0)
    rake (12.3.3)
    rspec (3.11.0)
      rspec-core (~> 3.11.0)
      rspec-expectations (~> 3.11.0)
      rspec-mocks (~> 3.11.0)
    rspec-core (3.11.0)
      rspec-support (~> 3.11.0)
    rspec-expectations (3.11.0)
      diff-lcs (>= 1.2.0, < 2.0)
      rspec-support (~> 3.11.0)
    rspec-mocks (3.11.1)
      diff-lcs (>= 1.2.0, < 2.0)
      rspec-support (~> 3.11.0)
    rspec-support (3.11.0)
    tzinfo (2.0.6)
      concurrent-ruby (~> 1.0)
    zeitwerk (2.6.8)

PLATFORMS
  ruby

DEPENDENCIES
  bundler (~> 1.17)
  method_profiler
  nxt_schema!
  pry
  rake (~> 12.3.3)
  rspec (~> 3.0)

BUNDLED WITH
   1.17.2
